faculty 2 2 8 0 0 2 1 0 1 64
1 ""
0 
density 1 1 9.99999984307e+17 -9.99999984307e+17 0 2 1 0 1 64
1 1 
0 
awc 1 1 1 -1 0.001 3 1 1 0 64
1 0 
0 
alfa 6 1 8190 0 0.4 2 1 2 1 64
1 10 
0 
Qinsref 1 1 9.99999984307e+17 -9.99999984307e+17 0 2 1 0 1 64
1 7.4912e-05 
0 
IPrunid 2 2 8 0 0 2 1 0 1 64
1 ""
0 
Gmap 2 2 8 0 0 2 1 1 1 64
1 "lk"
0 
Archive2 2 2 8 0 0 2 1 0 1 64
1 ""
0 
Archive1 2 2 8 0 0 2 1 0 1 64
1 ""
0 
ACQtime 7 1 100000000 0 1 2 1 256 1 64
1 17245.699834 
0 
EDratio 1 1 9.99999984307e+17 -9.99999984307e+17 0 2 1 0 1 64
1 3.97836 
0 
H1reffrq 1 1 9.99999984307e+17 -9.99999984307e+17 0 2 1 0 1 64
1 499.845018093 
0 
Gmapname 2 2 8 0 0 2 1 1 1 64
1 ""
0 
PFGflg 4 2 4 0 0 2 1 0 1 64
1 "y"
0 
MinSW 2 2 8 0 0 3 1 0 1 64
1 "off"
4 "off" "auto" "manual" "skip" 
Qgain 1 1 9.99999984307e+17 -9.99999984307e+17 0 2 1 0 1 64
1 30 
0 
Qins 1 1 9.99999984307e+17 -9.99999984307e+17 0 2 1 0 1 64
1 80 
0 
adir2tmplt 2 2 8 0 0 2 1 0 1 64
1 ""
0 
acqdim 7 1 32767 0 0 2 1 0 1 64
1 1 
0 
REQexp 2 2 8 0 0 4 1 256 1 64
2 "CARBON"
"ignore"
0 
Qmult 1 1 9.99999984307e+17 -9.99999984307e+17 0 2 1 0 1 64
1 0.5 
0 
acqcycles 1 1 9.99999984307e+17 -9.99999984307e+17 0 2 1 0 1 64
1 128 
0 
acqstatus 7 1 32767 0 0 2 1 256 1 64
2 101 0 
0 
acqpath 2 2 8 0 0 2 1 0 1 64
1 ""
0 
actionid 2 2 8 0 0 4 1 0 1 64
1 "null"
0 
aig 2 2 2 0 0 4 1 1 1 64
1 "ai"
2 "nm" "ai" 
adirtmplt 2 2 8 0 0 2 1 0 1 64
1 "$userdir$/data"
0 
arraymax 7 1 32767 0 0 4 1 0 1 64
1 128 
0 
array 2 2 256 0 0 2 1 1 1 64
1 "qmd_delay1"
0 
ap 2 2 1023 0 0 4 1 6 1 64
1 "1:SAMPLE:date,solvent,sample;1:ACQUISITION:sw:1,at:3,np:0,bs(bs):0,ss(ss):0,d1:3,d2(d2):6,nt:0,ct:0;1:TRANSMITTER:tn,tof:1,tpwr:0,pw:3,pw90:3;1:SEL PULSE:pulsefileA,selshapeA,selpwrA,selpwA:1,pulsefileB,selshapeB,selpwrB,selpwB:1;1:DECOUPLER:dn,dof:1,dpwr:0,dm,decwave,dmf;2:qmd:j1xh:1,d3:4;2:SPECIAL:temp:1,gain:0,spin:0;2:PROCESSING:lb(lb):2,sb(sb):3,sbs(sb):3,gf(gf):3,gfs(gf):3,awc(awc):3,lsfid(lsfid):0,proc(proc<>'ft'),fn:0;2:SPECTRUM:wp:1,sp:1,rp:1,lp:1,aig*,dcg*,dmg*;2:REFERENCE:rfl:1,rfp:1;2:PLOT:wc:0,sc:0,vs:0,hzmm:2,th:0;"
0 
alock 2 2 8 0 0 2 1 0 1 64
1 "n"
5 "a" "n" "s" "u" "y" 
apptype 2 2 8 0 0 2 1 1 1 64
1 "hetero1D"
0 
archivedir 2 2 8 0 0 2 1 0 1 64
1 ""
0 
arraydodc 4 2 4 0 0 4 1 0 1 64
1 "n"
0 
arraydim 7 1 32768 1 1 2 1 5 1 64
1 128 
0 
arraydelta 7 1 32767 0 0 4 1 0 1 64
1 1 
0 
arrayelemts 1 1 9.99999984307e+17 -9.99999984307e+17 0 2 1 0 1 64
1 1 
0 
arraydscale 4 2 4 0 0 4 1 0 1 64
1 "n"
0 
arrayflip 4 2 4 0 0 4 1 0 1 64
1 "n"
0 
at 1 1 14 14 14 2 1 8203 1 64
1 0.994400000001 
0 
arraystop 7 1 32767 0 0 4 1 0 1 64
1 128 
0 
arraystart 7 1 32767 0 0 4 1 0 1 64
1 1 
0 
arraywhitewash 4 2 4 0 0 4 1 0 1 64
1 "n"
0 
avwdir 2 2 8 0 0 3 1 0 1 64
1 ""
0 
date 2 2 9 0 0 2 1 1 1 64
1 "Sep 26 2025"
0 
compshape 2 2 8 0 0 2 1 0 1 64
1 "hard"
0 
celem 1 1 9.99999984307e+17 -9.99999984307e+17 0 2 1 0 1 64
1 128 
0 
axisf 4 2 4 0 0 4 1 0 1 64
1 "s"
4 "m" "n" "s" "u" 
awc1 1 1 1 -1 0.001 3 1 1 0 64
1 0 
0 
axis 4 2 4 0 0 4 1 0 1 64
1 "p"
11 "c" "d" "1" "2" "3" "h" "k" "m" "n" "p" "u" 
bs 7 1 32767 0 1 2 1 0 1 64
1 1 
0 
bipflg 2 2 8 0 0 2 1 8 1 64
1 "nn"
0 
c13wet 4 2 4 0 0 2 1 0 1 64
1 "n"
0 
comment 2 2 8 0 0 3 1 0 1 64
1 ""
0 
cf 7 1 32767 0 1 3 1 1 0 64
1 1 
0 
composit 4 2 4 0 0 2 1 0 1 64
1 "n"
0 
crf 1 1 9.99999984307e+17 -9.99999984307e+17 0 4 1 0 1 64
1 0 
0 
cppauseflg 4 2 4 0 0 4 1 0 1 64
1 "n"
0 
console 2 2 8 0 0 2 1 0 1 64
1 "vnmrs"
0 
concentration 1 1 9.99e+17 0 0 2 1 8 1 64
1 0 
0 
cp 2 2 1 0 0 2 1 0 1 64
1 "y"
2 "y" "n" 
cr 1 1 1000000000 -1000000000 0 4 1 1 1 64
1 6966.87190202 
0 
cr1 1 1 1000000000 -1000000000 0 4 1 3 1 64
1 0 
0 
d1 3 1 14 14 14 2 1 8194 1 64
1 30 
0 
customflag 4 2 4 0 0 4 1 0 1 64
1 "n"
0 
ct 7 1 1000000000 0 1 2 1 6 1 64
1 4 
0 
cutoff 1 1 9.99999984307e+17 -9.99999984307e+17 0 4 1 0 0 64
1 200 
0 
d3 3 1 14 14 14 2 1 8192 1 64
1 0.001 
0 
d2 3 1 14 14 14 2 1 8194 1 64
1 0 
0 
dataid 2 2 8 0 0 3 1 0 1 64
1 ""
0 
dec3wave 2 2 8 0 0 2 1 0 1 64
1 "g"
0 
dcrmv 4 2 9.99999984307e+17 -9.99999984307e+17 0 4 1 0 1 64
1 "n"
2 "y" "n" 
dbwwet 1 1 9.99999984307e+17 -9.99999984307e+17 0 2 1 0 1 64
1 5000 
0 
datname 2 2 8 0 0 3 1 0 1 64
1 ""
0 
dcg 2 2 3 0 0 4 1 1 1 64
1 "cdc"
2 "dc" "cdc" 
ddrtc 6 1 1000 0 0.4 2 1 0 1 64
1 35.2 
0 
ddrpm 2 2 8 0 0 2 1 0 1 64
1 "r"
0 
dec2wave 2 2 8 0 0 2 1 0 1 64
1 "g"
0 
delta1 1 1 5000000 0 0 4 1 3 1 64
1 0 
0 
decwavewet 2 2 8 0 0 2 1 0 1 64
1 "w"
0 
decwave 2 2 8 0 0 2 1 0 1 64
1 "W40_AutoX"
0 
delta 1 1 5000000 0 0 4 1 1 1 64
1 20.2588659088 
0 
deltaf 1 1 100 0 0 4 1 0 1 64
1 0.373796363636 
0 
dpwr 1 1 9 9 9 2 1 8194 1 64
1 43 
0 
dmmwet 2 2 8 0 0 2 1 0 1 64
1 "w"
0 
dmf 7 1 11 11 11 2 1 8194 1 64
1 32258 
0 
dgss 2 2 8 0 0 4 1 6 1 64
1 "1:WET:wet,wetshape,wetpwr,pwwet:3,composit,compshape,gzlvlw,gtw:6,gswet:6,dz:6;2:C13 WET:c13wet,dofwet:1,dpwrwet,dmfwet,decwavewet;4:PRESAT:satmode,satpwr,satdly:3,satfrq:1;"
0 
dg1 2 2 1023 0 0 4 1 6 1 64
1 "1:DISPLAY:sp:1,wp:1,vs:0;1:REFERENCE:rfl:1,rfp:1,cr:1,delta:1;1:PHASE:lp:1,rp:1,rp1(ni):1,lp1(ni):1;2:CHART:sc:0,wc:0,hzmm:2,vp:0,axis,pltmod,,th:0,,ho:2,vo:2,,trace:2;3(ni):2D:sp1:1,wp1:1,sc2:0,wc2:0,rfl1:1,rfp1:1;3:FLAGS:aig*,dcg*,dmg*;3:FID:sf:3,wf:3,vf:0;4:INTEGRAL:intmod,is:2,ins:3,io:0,,lvl:3,tlt:3;"
0 
dfrq2 1 1 1000000000 0 0 2 1 9 1 64
1 50.6568401 
0 
dfrq 5 1 1000000000 -1000000000 0 2 1 8 1 64
1 499.8478472 
0 
dg 2 2 1023 0 0 4 1 6 1 64
1 "1:ACQUISITION:seqfil,sw:1,at:3,np:0,fb:0,bs(bs):0,ss(ss):0,d1:3,d2(d2):6,nt:0,ct:0;1:SAMPLE:date,solvent,sample;2:TRANSMITTER:tn,sfrq:3,tof:1,tpwr:0,pw:3,p1(p1):3;2:SEL PULSE:pulsefieA,selshapeA,selpwrA,selpwA:1,pulsefileB,selshapeB,selpwrB,selpwB:1;3:DECOUPLER:dn,dof:1,dm,decwave,dpwr:0,dmf:0;3:qmd:j1xh:1,d3:4;3:SPECIAL:temp:1,spin:0,gain:0,hst:3,pw90:3,alfa:3;4:PROCESSING:cf(nf):0,lb:2,sb:3,sbs(sb):3,gf:3,gfs(gf):3,awc:3,lsfid:0,lsfrq(lsfrq):1,phfid(phfid):1,fn:0,math(math<>'f'),wtfile(wtfile<>'');4:FLAGS:il,in,dp,hs;"
0 
dglp 2 2 8 0 0 4 1 7 1 64
1 "1(lpfilt):LP:lpalg,lpopt,lpfilt:0,lpnupts:0,strtlp:0,lpext:0,strtext:0;2(lpfilt1):LP 1:lpalg1,lpopt1,lpfilt1:0,lpnupts1:0,strtlp1:0,lpext1:0,strtext1:0;3(lpfilt2):LP 2:lpalg2,lpopt2,lpfilt2:0,lpnupts2:0,strtlp2:0,lpext2:0,strtext2:0;4:LP OUTPUT:lpprint(lpfilt):0,lptrace(lpfilt):0,lpprint1(lpfilt1):0,lptrace1(lpfilt1):0,lpprint2(lpfilt2):0,lptrace2(lpfilt2):0;"
0 
dg2 2 2 8 0 0 4 1 4 1 64
6 "1:1st DECOUPLING:dfrq:3,dn,dpwr:0,dof:1,dm,dmm,dmf:0,dseq,dres:1,homo;"
"2(numrfch>2):2nd DECOUPLING:dfrq2:3,dn2,dpwr2:0,dof2:1,dm2,dmm2,dmf2:0,dseq2,dres2:1,homo2;"
"2(numrfch>3):3rd DECOUPLING:dfrq3:3,dn3,dpwr3:0,dof3:1,dseq3,dres3:1,homo3;"
"3(ni2):3D ACQUISITION:d3:3,sw2:1,ni2:0,phase2:0;"
"3(ni2):3D DISPLAY:rp2:1,lp2:1;"
"4(ni2):3D PROCESSING:lb2:3,sb2:3,sbs2(sb2):3,gf2:3,gfs2(gf2):3,awc2:3,wtfile2,proc2,fn2:0;"
0 
dgs 2 2 1023 0 0 4 1 6 1 64
5 "1:AXIAL SHIMS:z1:0,z2:0,z3:0,z4:0,z5:0;"
"2:NON AXIAL SHIMS:x1:0,y1:0,xz:0,yz:0,xy:0,x2y2:0,x3:0,y3:0,xz2:0,yz2:0,zxy:0,zx2y2:0,z3x:0,z3y:0,z2x2y2:0,z2xy:0;"
"3:NON AXIAL SHIMS:zx3:0,zy3:0;"
"4:AUTOMATION:method,wshim,load,,spin:0,gain:0,alock,loc:0;"
"4:SPECIAL:temp;"
0 
displaymode 4 2 9.99999984307e+17 -9.99999984307e+17 0 4 1 0 1 64
1 "r"
0 
dhp 1 1 9 9 9 2 1 8192 0 64
1 40 
0 
dgssm 2 2 8 0 0 4 1 6 1 64
1 "1:WET:wet,gzlvlw,gtw:6,gswet:6,dz:6;1:C13 WET:c13wet,dofwet:1,dpwrwet,dmfwet;2:WETshapes:wetshape1,wetshape2,wetshape3,wetshape4;3:WETpowers:wetpwr1,wetpwr2,wetpwr3,wetpwr4;3:WETpulses:pwwet1:3,pwwet2:3,pwwet3:3,pwwet4:3;4:PRESAT:satmode,satpwr,satdly:3,satfrq:1;"
0 
disCmd 2 2 8 0 0 4 1 0 1 64
1 ""
0 
dm 4 2 4 0 0 2 1 0 1 64
1 "nnn"
4 "a" "n" "s" "y" 
dlp 7 1 10 10 10 2 1 8194 0 64
1 10 
0 
dm2 4 2 4 0 0 2 1 0 1 64
1 "nnn"
4 "a" "n" "s" "y" 
dmg 2 2 2 0 0 4 1 3 1 64
1 "ph"
0 
dmfwet 7 1 32767 0 0 2 1 0 1 64
1 5517 
0 
dmf2 7 1 2000000 1 0 2 1 2 1 64
1 32258 
0 
dmm 4 2 4 0 0 2 1 0 1 64
1 "ccp"
9 "c" "f" "g" "m" "p" "r" "u" "w" "x" 
dmg1 2 2 8 0 0 4 1 0 1 64
1 ""
4 "" "av1" "ph1" "pwr1" 
dmm2 4 2 4 0 0 2 1 0 1 64
1 "c"
9 "c" "f" "g" "m" "p" "r" "u" "w" "x" 
dnref 2 2 8 0 0 4 1 1 1 64
1 "Me4Si, 1% in CDCl3"
0 
dnbippw 6 1 1000000 0 0.025 2 1 0 1 64
1 30.2 
0 
dn2shapes 2 2 8 0 0 2 1 256 1 64
3 ""
""
""
0 
dn2 2 2 8 0 0 2 1 8 1 64
1 "N15"
0 
dn 2 2 4 0 0 2 1 8 1 64
1 "H1"
0 
dn2ref 2 2 8 0 0 4 1 1 1 64
1 ""
0 
dn3shapes 2 2 8 0 0 2 1 256 1 64
3 ""
""
""
0 
dn3ref 2 2 8 0 0 4 1 1 1 64
1 ""
0 
dn4ref 2 2 8 0 0 4 1 1 1 64
1 ""
0 
dnbipshp 2 2 8 0 0 2 1 0 1 64
1 "hard"
0 
dnbippwr 1 1 9 9 9 2 1 8192 1 64
1 61 
0 
dopwCal 2 2 8 0 0 2 1 256 1 64
3 "n"
"4.0"
"1.0"
0 
dof2 5 1 16 16 16 2 6 8202 1 64
1 3020.39861837 
0 
dod 3 1 14 14 14 2 1 8194 1 64
1 0.00999999977648 
0 
dnshapes 2 2 8 0 0 2 1 256 1 64
3 ""
""
""
0 
dof 5 1 8 8 8 2 5 8202 1 64
1 329.915821705 
0 
dofwet 5 1 1000000000 -1000000000 0 2 1 0 1 64
1 0 
0 
dp 2 2 1 0 0 2 1 0 1 64
1 "y"
2 "y" "n" 
dotflag 2 2 8 0 0 4 1 0 1 64
1 "n"
2 "n" "y" 
doscout 7 1 10 -10 1 2 1 0 1 64
1 0 
0 
dpatwet 2 2 8 0 0 2 1 0 1 64
1 "waltz16"
0 
dpf_wc2 1 1 9.99999984307e+17 -9.99999984307e+17 0 4 1 0 1 64
1 139 
0 
dss_wc2 1 1 9.99999984307e+17 -9.99999984307e+17 0 4 1 0 1 64
1 139 
0 
dsSelect 7 1 32767 0 0 4 1 0 1 64
128 1 2 3 4 5 6 7 8 9 10 11 12 13 14 15 16 17 18 19 20 21 22 23 24 25 26 27 28 29 30 31 32 33 34 35 36 37 38 39 40 41 42 43 44 45 46 47 48 49 50 51 52 53 54 55 56 57 58 59 60 61 62 63 64 65 66 67 68 69 70 71 72 73 74 75 76 77 78 79 80 81 82 83 84 85 86 87 88 89 90 91 92 93 94 95 96 97 98 99 100 101 102 103 104 105 106 107 108 109 110 111 112 113 114 115 116 117 118 119 120 121 122 123 124 125 126 127 128 
0 
dreffrq2 1 1 9.99999984307e+17 -9.99999984307e+17 0 2 1 0 1 64
1 50.6681248452 
0 
dpwrwet 1 1 9.99999984307e+17 -9.99999984307e+17 0 2 1 0 1 64
1 39 
0 
dpwr2 1 1 18 18 18 2 1 8194 1 64
1 41 
0 
dreffrq 1 1 9.99999984307e+17 -9.99999984307e+17 0 2 1 0 1 64
1 499.845018093 
0 
dres2 7 1 360 1 0 2 1 0 1 64
1 9 
0 
dres 7 1 360 1 0 2 1 0 1 64
1 9 
0 
dreswet 1 1 9.99999984307e+17 -9.99999984307e+17 0 2 1 0 1 64
1 90 
0 
dss_sc 1 1 9.99999984307e+17 -9.99999984307e+17 0 4 1 0 1 64
1 229 
0 
dseq2 2 2 8 0 0 2 1 0 1 64
1 "W40_TR_PFG"
0 
dseq 2 2 8 0 0 2 1 0 1 64
1 "W40_AutoX"
0 
dseqwet 2 2 8 0 0 2 1 0 1 64
1 "waltz16"
0 
dss_wc 1 1 9.99999984307e+17 -9.99999984307e+17 0 4 1 0 1 64
1 5 
0 
dss_sc2 1 1 9.99999984307e+17 -9.99999984307e+17 0 4 1 0 1 64
1 0 
0 
explist 2 2 8 0 0 2 1 256 1 64
1 "qmd"
0 
emailaddr 2 2 8 0 0 4 1 0 1 64
1 ""
0 
dz 3 1 14 14 14 2 1 8192 1 64
1 1e-05 
0 
dutyc 1 1 9.99999984307e+17 -9.99999984307e+17 0 2 1 0 1 64
1 0.1 
0 
eOptions 2 2 8 0 0 4 1 264 1 64
1 ""
0 
emessage 4 2 4 0 0 2 1 0 1 64
1 "n"
0 
emailwhen 2 2 8 0 0 2 1 0 1 64
1 ""
0 
explabel 2 2 8 0 0 2 1 0 1 64
1 "qmd"
0 
f1SW 2 2 8 0 0 2 1 1 1 64
1 ""
0 
exppath 2 2 8 0 0 2 1 0 1 64
1 "/home/vnmr1/vnmrsys/exp4/acqfil"
0 
f2SW 2 2 8 0 0 2 1 1 1 64
1 ""
0 
pwxlvl 1 1 9 9 9 2 1 8192 1 64
1 63 
0 
markerfrq1 1 1 9.99999984307e+17 -9.99999984307e+17 0 2 1 0 1 64
1 0 
0 
ins2 1 1 9.99999984307e+17 -9.99999984307e+17 0 4 1 0 1 64
1 1 
0 
gtE 3 1 14 14 14 2 1 8192 1 64
1 0.002 
0 
go_id 2 2 8 0 0 2 1 7 1 64
1 "exp4.vnmr1.VNMRS500_1758834491_700347"
0 
fpmult 1 1 1000000000 0 0 3 1 0 0 64
1 1 
0 
file 2 2 6 0 0 2 1 3 1 64
1 "exp"
0 
fdfdir 2 2 8 0 0 3 1 0 1 64
1 ""
0 
fb 7 1 6 6 6 2 1 8203 1 64
1 4000 
0 
fidid 2 2 8 0 0 2 1 0 1 64
1 ""
0 
fdffile 2 2 8 0 0 3 1 0 1 64
1 ""
0 
fidscanmode 4 2 9.99999984307e+17 -9.99999984307e+17 0 4 1 0 1 64
1 "r"
0 
filtfile 2 2 8 0 0 2 1 0 1 64
1 ""
0 
filter 7 1 1000000000 0 1 2 1 2 1 64
1 54.0999984741 
0 
filename 2 2 8 0 0 2 1 1 1 64
1 ""
0 
fn1 7 1 524288 64 -2 3 1 1 1 64
1 1024 
0 
fn 7 1 524288 64 -2 3 1 1 1 64
1 131072 
0 
gf1 1 1 100000 0 0 3 1 1 0 64
1 1 
0 
fzoom 7 1 32767 0 0 4 1 0 1 64
1 0 
0 
ftproc 1 1 9.99999984307e+17 -9.99999984307e+17 0 3 1 256 1 64
2 1 5 
0 
fpmult1 1 1 1000000000 0 0 3 2 0 0 64
1 0.5 
0 
gf 1 1 100000 0 0 3 1 1 0 64
1 0.10000000149 
0 
gain 1 1 60 0 2 2 1 0 1 64
1 60 
0 
gmapspin 2 2 8 0 0 2 1 0 1 64
1 "n"
2 "n" "y" 
gfs1 1 1 1000 -1000 0.001 3 1 1 0 64
1 0 
0 
gfs 1 1 1000 -1000 0.001 3 1 1 0 64
1 0 
0 
go_Options 2 2 8 0 0 2 1 7 1 64
2 "au"
"wait"
0 
gt4 3 1 14 14 14 2 1 8192 1 64
1 0.001 
0 
gt0 3 1 14 14 14 2 1 8192 1 64
1 0.0016 
0 
gstab2 3 1 14 14 14 2 1 8192 1 64
1 0.0005 
0 
gstab 3 1 14 14 14 2 1 8192 1 64
1 0.0005 
0 
gswet 3 1 14 14 14 2 1 8192 1 64
1 0.002 
0 
gt2 3 1 14 14 14 2 1 8192 1 64
1 0.001 
0 
gt1 3 1 14 14 14 2 1 8192 1 64
1 5e-05 
0 
gt3 3 1 14 14 14 2 1 8192 1 64
1 0.001 
0 
gt7 3 1 14 14 14 2 1 8192 1 64
1 0.001 
0 
gt6 3 1 14 14 14 2 1 8192 1 64
1 0.001 
0 
gt5 3 1 14 14 14 2 1 8192 1 64
1 0.001 
0 
gt9 3 1 14 14 14 2 1 8192 1 64
1 0.001 
0 
gt8 3 1 14 14 14 2 1 8192 1 64
1 0.001 
0 
gtD 3 1 14 14 14 2 1 8192 1 64
1 0 
0 
hdfrqw 1 1 9.99999984307e+17 -9.99999984307e+17 0 2 1 256 0 64
1 10 
0 
gzlvl8 1 1 1000000 -1000000 1 2 1 0 1 64
1 4080 
0 
gzlvl2 1 1 1000000 -1000000 1 2 1 0 1 64
1 1020 
0 
gzlvl0 1 1 1000000 -1000000 1 2 1 0 1 64
1 5100 
0 
gxppars 2 2 8 0 0 2 1 0 1 64
1 ""
0 
gtw 3 1 14 14 14 2 1 8192 1 64
1 0.002 
0 
gzlvl1 1 1 1000000 -1000000 1 2 1 0 1 64
1 32000 
0 
gzlvl5 1 1 1000000 -1000000 1 2 1 0 1 64
1 2550 
0 
gzlvl3 1 1 1000000 -1000000 1 2 1 0 1 64
1 1530 
0 
gzlvl4 1 1 1000000 -1000000 1 2 1 0 1 64
1 2040 
0 
gzlvl6 1 1 1000000 -1000000 1 2 1 0 1 64
1 3060 
0 
gzlvl7 1 1 1000000 -1000000 1 2 1 0 1 64
1 3570 
0 
gzlvlE 1 1 1000000 -1000000 1 2 1 0 1 64
1 4901 
0 
gzlvlD 1 1 1000000 -1000000 1 2 1 0 1 64
1 0 
0 
gzlvl9 1 1 1000000 -1000000 1 2 1 0 1 64
1 4590 
0 
hdfrqc 5 1 1000000000 -1000000000 0 2 1 256 0 64
1 0 
0 
gzlvlw 1 1 9.99999984307e+17 -9.99999984307e+17 0 2 1 0 1 64
1 14354 
0 
homo2 4 2 4 0 0 2 1 0 1 64
1 "n"
2 "n" "y" 
hdseq 2 2 8 0 0 2 1 0 1 64
1 ""
0 
hdpsmode 4 2 4 0 0 2 1 0 1 64
1 "n"
0 
hdof 5 1 7 7 7 2 1 8194 1 64
1 0 
0 
hdmf 1 1 9.99999984307e+17 -9.99999984307e+17 0 2 1 0 1 64
1 600 
0 
hdpwrf 1 1 4095 0 0 2 1 0 1 64
1 4095 
0 
hdpwr 7 1 49 -16 1 2 1 2 1 64
1 1 
0 
hdres 1 1 9.99999984307e+17 -9.99999984307e+17 0 2 1 0 1 64
1 9 
0 
ho 1 1 500 -500 0 4 1 1 1 64
1 -1.8031496063 
0 
hdwave 2 2 8 0 0 2 1 0 1 64
1 "SEDUCE1"
0 
homo 2 2 8 0 0 2 1 8 1 64
1 "n"
2 "n" "y" 
hzmm 1 1 1000000000 -1000000000 0 4 1 11 1 64
1 0.173152700076 
0 
hsgt 3 1 14 14 14 2 1 8192 1 64
1 0.002 
0 
hsglvl 1 1 1000000 -1000000 1 2 1 0 1 64
1 6120 
0 
hs 4 2 4 0 0 2 1 0 1 64
1 "nn"
2 "n" "y" 
hst 3 1 0.02 0 2.5e-08 2 1 2 1 64
1 0.00800000037998 
0 
in 4 2 1 0 0 2 1 0 1 64
1 "n"
3 "n" "w" "y" 
ident 2 2 8 0 0 3 1 0 1 64
1 ""
0 
il 2 2 1 0 0 2 1 0 1 64
1 "n"
2 "y" "n" 
ins 3 1 8190 0 1e-07 4 1 3 1 64
1 50 
0 
locdir 2 2 8 0 0 2 1 0 1 64
1 ""
0 
j1xh 1 1 9.99999984307e+17 -9.99999984307e+17 0 2 1 0 1 64
1 13 
0 
io 1 1 500 -500 0.1 4 1 1 1 64
1 10 
0 
intstd 2 2 8 0 0 2 1 0 1 64
1 ""
0 
insref 1 1 9.99999984307e+17 -9.99999984307e+17 0 4 1 0 1 64
1 3.11758776661e-06 
0 
ins2ref 1 1 9.99999984307e+17 -9.99999984307e+17 0 4 1 0 1 64
1 1 
0 
intmod 2 2 8 0 0 4 1 0 1 64
1 "off"
3 "off" "partial" "full" 
investigator 2 2 8 0 0 4 1 0 1 64
1 ""
0 
invgcal 1 1 1000000 -1000000 1 2 1 0 1 64
1 485 
0 
j1hc 1 1 9.99999984307e+17 -9.99999984307e+17 0 2 1 0 1 64
1 138.5 
0 
iswt 1 1 9.99999984307e+17 -9.99999984307e+17 0 2 1 0 1 64
1 0 
0 
is 1 1 1000000000 1e-06 0 4 1 3 1 64
1 76270900 
0 
j1cn 1 1 9.99999984307e+17 -9.99999984307e+17 0 2 1 0 1 64
1 13.04 
0 
j1max 1 1 9.99999984307e+17 -9.99999984307e+17 0 2 1 0 1 64
1 130 
0 
j1hn 1 1 9.99999984307e+17 -9.99999984307e+17 0 2 1 0 1 64
1 1.548 
0 
j1min 1 1 9.99999984307e+17 -9.99999984307e+17 0 2 1 0 1 64
1 165 
0 
liamp 1 1 1000000000 0 0 4 1 0 0 64
5 1.01893568111 0.152446269989 0.032986164093 0.00739681720734 1.42248702049 
0 
layout 2 2 8 0 0 4 1 0 1 64
1 "qmd"
0 
jnmin 1 1 9.99999984307e+17 -9.99999984307e+17 0 2 1 0 1 64
1 5 
0 
jnmax 1 1 9.99999984307e+17 -9.99999984307e+17 0 2 1 0 1 64
1 10 
0 
jnxh 1 1 9.99999984307e+17 -9.99999984307e+17 0 2 1 0 1 64
1 8 
0 
lb1 1 1 100000 -100000 0 3 1 1 1 64
1 0.318309992552 
0 
lb 1 1 100000 -100000 0 3 1 1 0 64
1 50 
0 
lcpeak_ 7 1 32767 0 0 2 1 32768 1 64
1 0 
0 
llfrq 1 1 1000000000 -1000000000 0 4 1 0 0 64
4 315.200805664 313.629150391 176.910400391 175.338745117 
0 
llamp 1 1 1000000000 0 0 4 1 0 0 64
4 0.00146359670907 0.00142336147837 0.00146820838563 0.00142398197204 
0 
lifrq 1 1 1000000000 -1000000000 0 4 1 0 1 64
5 2629.01825285 2591.81869711 2489.51991882 2449.8403927 0 
0 
load 2 2 4 0 0 2 1 3 1 64
1 "n"
2 "y" "n" 
lllabel 2 2 8 0 0 3 1 0 1 64
1 ""
0 
loc_ 7 1 12 12 12 2 1 8201 1 64
1 0 
0 
lpnupts 7 1 1000000 1 1 3 1 0 1 64
1 64 
0 
lp1 1 1 3600 -3600 0.1 4 1 3 1 64
1 0 
0 
lockpower_ 1 1 68 0 1 2 1 65552 1 64
1 25 
0 
lockgain_ 1 1 48 0 1 2 1 65552 1 64
1 33 
0 
lockfreq_ 5 1 160 0 1e-07 2 1 9 1 64
1 76.7298 
0 
lockphase_ 1 1 360 0 1 2 1 65552 1 64
1 257 
0 
lot 2 2 8 0 0 2 1 0 1 64
1 ""
0 
longlist 2 2 8 0 0 2 1 0 1 64
1 ""
0 
lp 1 1 3600 -3600 0.1 4 1 3 1 64
1 0 
0 
lpext 7 1 1000000 0 1 3 1 0 1 64
1 1 
0 
lpalg1 2 2 8 0 0 3 1 0 1 64
1 "lpfft"
0 
lpalg 2 2 8 0 0 3 1 0 1 64
1 "lpfft"
0 
lpfilt 7 1 32767 1 1 3 1 0 1 64
1 32 
0 
lpext1 7 1 1000000 0 1 3 1 0 1 64
1 1 
0 
lpfilt1 7 1 32767 1 1 3 1 0 1 64
1 32 
0 
lsfid 7 1 64000 -64000 1 3 1 0 0 64
1 0 
0 
lpprint 7 1 63 0 1 3 1 0 1 64
1 0 
0 
lpopt 2 2 8 0 0 3 1 0 1 64
1 "b"
0 
lpnupts1 7 1 1000000 1 1 3 1 0 1 64
1 64 
0 
lpopt1 2 2 8 0 0 3 1 0 1 64
1 "b"
0 
lptrace 7 1 32767 0 1 3 1 0 1 64
1 0 
0 
lpprint1 7 1 63 0 1 3 1 0 1 64
1 0 
0 
lptrace1 7 1 32767 0 1 3 1 0 1 64
1 0 
0 
macro 2 2 6 0 0 4 1 3 1 64
1 ""
0 
lsfrq1 1 1 9.99999984307e+17 -9.99999984307e+17 0 3 1 0 0 64
1 0 
0 
lsfrq 1 1 9.99999984307e+17 -9.99999984307e+17 0 3 1 0 0 64
1 0 
0 
lvl 1 1 1000000000 -1000000000 0 4 1 1 1 64
1 0 
0 
marker2 2 2 8 0 0 2 1 0 1 64
1 ""
0 
marker1 2 2 8 0 0 2 1 0 1 64
1 ""
0 
prgpw 6 1 13 13 13 2 1 8192 1 64
1 12.75 
0 
paramChanged 1 1 9.99999984307e+17 -9.99999984307e+17 0 2 1 0 1 64
1 0 
0 
notebook 2 2 8 0 0 2 1 0 1 64
1 ""
0 
molecularmass 1 1 9.99999984307e+17 0 0 2 1 8 1 64
1 0 
0 
method 2 2 6 0 0 2 1 3 1 64
1 "z1z2"
0 
mass 1 1 9.99999984307e+17 0 0 2 1 8 1 64
1 0 
0 
markerfrq2 1 1 9.99999984307e+17 -9.99999984307e+17 0 2 1 0 1 64
1 0 
0 
math 2 2 1 0 0 3 1 3 1 64
1 "f"
3 "d" "f" "i" 
mfslp 4 2 4 0 0 2 1 0 1 64
1 "n"
0 
modules 2 2 8 0 0 2 1 1 1 64
1 "presat wet gradient quant"
0 
n3 2 2 6 0 0 4 1 3 1 64
1 ""
0 
n1 2 2 6 0 0 4 1 3 1 64
1 "d1 dm nt obsSW werr wbs "
0 
mult 1 1 9.99999984307e+17 -9.99999984307e+17 0 2 1 0 1 64
1 0 
0 
n2 2 2 6 0 0 4 1 3 1 64
1 ""
0 
nameprefix 2 2 8 0 0 2 1 9 1 64
1 ""
0 
name 2 2 8 0 0 3 1 0 1 64
1 ""
0 
newmodules 2 2 8 0 0 2 1 1 1 64
1 ""
0 
osfilt 2 2 8 0 0 2 1 0 1 64
1 ""
5 "a" "A" "b" "B" "" 
obsSW 2 2 8 0 0 2 1 1 1 64
1 "setsw(14,-2)"
0 
nt 7 1 1000000000 1 1 2 1 2 1 64
1 4 
0 
np 7 1 524288 32 2 2 1 11 1 64
1 1000 
0 
numvch 7 1 32767 0 0 2 1 256 1 64
4 4 2 1 0 
0 
oscoef 7 1 49999 3 2 2 1 1 0 64
1 31 
0 
operator_ 2 2 128 0 0 2 1 32772 1 64
1 "vnmr1"
0 
osfb 1 1 100000 0 0 2 1 1 0 64
1 0 
0 
p1 6 1 13 13 13 2 1 8194 1 64
1 0 
0 
oversamp 7 1 68 0 1 2 1 9 1 64
1 1 
0 
oslsfrq 1 1 9.99999984307e+17 -9.99999984307e+17 0 2 1 1 0 64
1 0 
0 
pad 3 1 14 14 14 2 1 8194 1 64
1 0.5 
0 
p11console 2 2 8 0 0 2 1 0 1 64
1 ""
0 
page 2 2 8 0 0 2 1 0 1 64
1 ""
0 
pp 6 1 13 13 13 2 1 8192 1 64
1 7.4 
0 
plocklist 2 2 8 0 0 2 1 1 1 64
1 ""
0 
parversion 1 1 9.99999984307e+17 -9.99999984307e+17 0 2 1 4 1 64
1 5.1 
0 
parstyle_ 2 2 8 0 0 4 1 0 1 64
1 "ppa"
0 
parlabel 2 2 8 0 0 2 1 5 1 64
1 "qmd"
0 
parver 2 2 8 0 0 2 1 0 1 64
1 "VnmrJ VERSION 4.2 REVISION A"
0 
phfid1 1 1 3600 -3600 0.1 3 1 0 0 64
1 0 
0 
phfid 1 1 3600 -3600 0.1 3 1 0 0 64
1 0 
0 
pkpick_ 2 2 8 0 0 4 1 0 1 64
1 "ppf"
0 
pmode 2 2 8 0 0 3 1 0 1 64
1 "partial"
0 
pltmod 2 2 8 0 0 4 1 0 1 64
1 "fixed"
5 "off" "fixed" "full" "variable" "user" 
plotoption 2 2 8 0 0 4 1 0 1 64
7 "pl"
"axis"
"comments"
"params"
"logo"
"header"
"miniplot"
0 
pltopt 4 2 4 0 0 2 1 0 1 64
1 "n"
0 
position2 2 2 8 0 0 3 1 0 1 64
1 ""
0 
position1 2 2 8 0 0 3 1 0 1 64
1 ""
0 
prgcycle 7 1 32767 0 0 2 1 8 1 64
1 2 
0 
preacq 6 1 13 13 13 2 1 8192 0 64
1 0 
0 
pplvl_cf 1 1 9.99999984307e+17 -9.99999984307e+17 0 2 1 0 1 64
1 1 
0 
pplvl 1 1 63 -16 1 2 1 0 1 64
1 59 
0 
prcopt 4 2 4 0 0 2 1 0 1 64
1 "y"
0 
presatinit 4 2 4 0 0 2 1 0 1 64
1 "n"
0 
presatgh2 1 1 9.99999984307e+17 -9.99999984307e+17 0 2 1 0 1 64
1 10 
0 
prescan 2 2 8 0 0 3 1 256 1 64
11 "Not done"
"Not done"
"off"
"off"
"off"
"off"
"off"
"on"
"on"
""
""
0 
prggstab 3 1 14 14 14 2 1 8192 1 64
1 0.0005 
0 
prgd2 3 1 14 14 14 2 1 8192 1 64
1 0.0002 
0 
prgd1 3 1 14 14 14 2 1 8192 1 64
1 0.0002 
0 
prgflg 4 2 4 0 0 2 1 8 1 64
1 "n"
0 
prggzlvl 1 1 1000000 -1000000 1 2 1 0 1 64
1 18932 
0 
prggt 3 1 14 14 14 2 1 8192 1 64
1 0.001 
0 
pulsefileB 2 2 8 0 0 2 1 0 1 64
1 "q3"
0 
procdim 7 1 32767 0 0 3 1 0 1 64
1 1 
0 
probetype_ 2 2 8 0 0 2 1 1 1 64
1 "liquids"
0 
probe_ 2 2 8 0 0 2 1 8 1 64
1 "AutoX"
0 
priority 7 1 32768 0 1 2 1 0 1 64
1 5 
0 
probestyle_ 2 2 8 0 0 2 1 0 1 64
1 "id"
0 
proc1 2 2 10 0 0 3 2 1 1 64
1 "ft"
0 
proc 2 2 10 0 0 3 1 1 1 64
1 "ft"
0 
proccmd 2 2 8 0 0 3 1 7 1 64
1 "wft"
0 
pslabel 2 2 8 0 0 2 1 11 1 64
1 "qmd"
0 
protocols 2 2 8 0 0 3 1 0 1 64
1 ""
0 
processid 1 1 9.99999984307e+17 -9.99999984307e+17 0 3 1 0 1 64
1 0 
0 
psatsolv 2 2 8 0 0 2 1 0 1 64
1 "D2O"
0 
pstof 5 1 1000000000 -1000000000 0 2 1 264 1 64
1 0 
0 
psppm 2 2 8 0 0 2 1 1 1 64
1 ""
0 
pulsefileA 2 2 8 0 0 2 1 0 1 64
1 "/home/vnmr1/vnmrsys/data/MIPT/QuantunComputing/Baroncha/Gradient/pps4.txt"
0 
pwwet4 6 1 1000000 0 0.025 2 1 0 1 64
1 0 
0 
pwwet1 6 1 1000000 0 0.025 2 1 0 1 64
1 0 
0 
pw90 6 1 13 13 13 2 1 8194 1 64
1 14.5 
0 
pw 6 1 13 13 13 2 1 8194 1 64
1 14.575 
0 
pwwet 6 1 1000000 0 0.025 2 1 0 1 64
1 0 
0 
pwwet3 6 1 1000000 0 0.025 2 1 0 1 64
1 0 
0 
pwwet2 6 1 1000000 0 0.025 2 1 0 1 64
1 0 
0 
pwx2 6 1 13 13 13 2 1 8192 1 64
1 33.7 
0 
pwx1 6 1 13 13 13 2 1 8192 1 64
1 13.175 
0 
pwx 6 1 13 13 13 2 1 8192 1 64
1 10.1 
0 
pwx2lvl_cf 1 1 9.99999984307e+17 -9.99999984307e+17 0 2 1 0 1 64
1 1 
0 
pwx2lvl 1 1 63 -16 1 2 1 0 1 64
1 55 
0 
pwxS6 6 1 13 13 13 2 1 8192 1 64
1 24.6197466574 
0 
shownumbers 2 2 8 0 0 4 1 0 1 64
1 "v"
0 
rfl1 1 1 1000000000 -1000000000 0 4 1 1 1 64
1 0 
0 
r6 1 1 1e+18 -1e+18 0 4 1 1 1 64
1 0 
0 
qmd_text2 2 2 8 0 0 2 1 0 1 64
1 "0"
0 
qmd_delay1 3 1 14 14 14 2 1 8192 1 64
128 0 0.02 0.04 0.06 0.08 0.1 0.12 0.14 0.16 0.18 0.2 0.22 0.24 0.26 0.28 0.3 0.32 0.34 0.36 0.38 0.4 0.42 0.44 0.46 0.48 0.5 0.52 0.54 0.56 0.58 0.6 0.62 0.64 0.66 0.68 0.7 0.72 0.74 0.76 0.78 0.8 0.82 0.84 0.86 0.88 0.9 0.92 0.94 0.96 0.98 1 1.02 1.04 1.06 1.08 1.1 1.12 1.14 1.16 1.18 1.2 1.22 1.24 1.26 1.28 1.3 1.32 1.34 1.36 1.38 1.4 1.42 1.44 1.46 1.48 1.5 1.52 1.54 1.56 1.58 1.6 1.62 1.64 1.66 1.68 1.7 1.72 1.74 1.76 1.78 1.8 1.82 1.84 1.86 1.88 1.9 1.92 1.94 1.96 1.98 2 2.5 3 3.5 4 4.5 5 5.5 6 6.5 7 7.5 8 8.5 9 9.5 10 10.5 11 11.5 12 12.5 13 13.5 14 14.5 15 15.5 
0 
pwxlvlS6 1 1 9 9 9 2 1 8192 1 64
1 53 
0 
pwxlvl2 7 1 32767 0 0 2 1 0 1 64
1 62 
0 
pwxlvl1 7 1 32767 0 0 2 1 0 1 64
1 61 
0 
pwxlvl_cf 1 1 9.99999984307e+17 -9.99999984307e+17 0 2 1 0 1 64
1 0.9323 
0 
qmd_flg1 4 2 4 0 0 2 1 0 1 64
1 "y"
0 
qmd_delay2 3 1 14 14 14 2 1 8192 1 64
1 0 
0 
qmd_delay3 3 1 14 14 14 2 1 8192 1 64
1 0 
0 
qmd_flg3 4 2 4 0 0 2 1 0 1 64
1 "y"
0 
qmd_flg2 4 2 4 0 0 2 1 0 1 64
1 "y"
0 
qmd_text1 2 2 8 0 0 2 1 0 1 64
1 "180H"
0 
qucotest_time1 3 1 14 14 14 2 1 8192 1 64
1 0.01 
0 
qmd_time3 3 1 14 14 14 2 1 8192 1 64
1 0 
0 
qmd_time1 3 1 14 14 14 2 1 8192 1 64
1 0.01 
0 
qmd_text3 2 2 8 0 0 2 1 0 1 64
1 "90C"
0 
qmd_time2 3 1 14 14 14 2 1 8192 1 64
1 0.01 
0 
qucotest_flg2 4 2 4 0 0 2 1 0 1 64
1 "y"
0 
qucotest_flg1 4 2 4 0 0 2 1 0 1 64
1 "y"
0 
qucotest_flg3 4 2 4 0 0 2 1 0 1 64
1 "y"
0 
r2 1 1 1e+18 -1e+18 0 4 1 1 1 64
1 0 
0 
qucotest_time3 3 1 14 14 14 2 1 8192 1 64
1 10 
0 
qucotest_time2 3 1 14 14 14 2 1 8192 1 64
1 0.01 
0 
r1 1 1 1e+18 -1e+18 0 4 1 1 1 64
1 37.4347839355 
0 
r4 1 1 1e+18 -1e+18 0 4 1 1 1 64
1 0 
0 
r3 1 1 1e+18 -1e+18 0 4 1 1 1 64
1 0 
0 
r5 1 1 1e+18 -1e+18 0 4 1 1 1 64
1 0 
0 
refpos 1 1 9.99999984307e+17 -9.99999984307e+17 0 4 1 0 1 64
1 0 
0 
ref_pw90 6 1 13 13 13 2 1 8192 1 64
1 5.475 
0 
ref 5 1 1000000000 -1000000000 0 3 4 0 1 64
1 1249.64768314 
0 
r7 1 1 1e+18 -1e+18 0 4 1 1 1 64
1 0 
0 
ref1 5 1 1000000000 -1000000000 0 3 1 0 1 64
1 0 
0 
reffrq 1 1 9.99999984307e+17 -9.99999984307e+17 0 4 1 0 1 64
1 125.686129768 
0 
ref_pwr 1 1 9.99999984307e+17 -9.99999984307e+17 0 2 1 0 1 64
1 60 
0 
reffrq1 1 1 9.99999984307e+17 -9.99999984307e+17 0 4 1 0 1 64
1 125.6955729 
0 
retentiontime_ 2 2 8 0 0 2 1 0 1 64
1 ""
0 
researchgroup 2 2 8 0 0 2 1 0 1 64
1 ""
0 
refstd_ 2 2 8 0 0 2 1 65808 1 64
1 ""
0 
rfchnuclei 2 2 8 0 0 2 1 256 1 64
1 ""
0 
rfband 4 2 4 0 0 2 1 0 1 64
1 "ccc"
3 "c" "h" "l" 
rfl 1 1 1000000000 -1000000000 0 4 1 1 1 64
1 -6640.02362258 
0 
sb1 1 1 1000 -1000 0 3 1 1 0 64
1 0 
0 
sas 7 1 10000000 0 0 3 1 1 0 64
1 0 
0 
rp1 1 1 3600 -3600 0.1 4 1 3 1 64
1 0 
0 
rof2 6 1 13 13 13 2 1 8194 1 64
1 25.2 
0 
rfp1 1 1 1000000000 -1000000000 0 4 1 1 1 64
1 0 
0 
rfp 1 1 1000000000 -1000000000 0 4 1 1 1 64
1 0 
0 
rof1 6 1 13 13 13 2 1 8194 1 64
1 10 
0 
rp 1 1 3600 -3600 0.1 4 1 3 1 64
1 -74.531844064 
0 
sampleowner 2 2 8 0 0 2 1 0 1 64
1 ""
0 
sample 2 2 8 0 0 2 1 1 1 64
1 ""
0 
sa 7 1 10000000 0 0 3 1 1 0 64
1 1024 
0 
samplename 2 2 8 0 0 2 1 9 1 64
1 ""
0 
samplevolume 1 1 9.99999984307e+17 0 0 2 1 8 1 64
1 600 
0 
sampwt 1 1 9.99999984307e+17 -9.99999984307e+17 0 2 1 0 1 64
1 0 
0 
satpwr 1 1 30 -16 1 2 1 0 1 64
1 0 
0 
satfrq 5 1 1000000000 -1000000000 0 2 1 0 1 64
1 480.588092473 
0 
satdly 3 1 14 14 14 2 1 8192 1 64
1 1 
0 
satmode 4 2 4 0 0 2 1 0 1 64
1 "n"
0 
saveshapes 2 2 8 0 0 2 1 256 1 64
1 ""
0 
saveglobal_ 2 2 8 0 0 3 1 0 1 64
21 "probe"
"lcpeak"
"loc"
"lockpower"
"lockgain"
"lockphase"
"lockfreq"
"z0"
"lkof"
"vloc"
"vrack"
"vzone"
"vproto"
"pkpick"
"parstyle"
"operator"
"studyid"
"systemname"
"probetype"
"refstd"
"probestyle"
0 
sb 1 1 1000 -1000 0 3 1 0 0 64
1 0 
0 
selpwB 6 1 1000000 0 0.025 2 1 0 1 64
1 3610 
0 
sdirtmplt 2 2 8 0 0 2 1 0 1 64
1 "$samplename$_%DATE%_"
0 
sc 1 1 1 1 1 4 1 8195 1 64
1 8 
0 
sbs 1 1 1000 -1000 0 3 1 1 0 64
1 0 
0 
sbbiflg 4 2 4 0 0 2 1 0 1 64
1 "n"
0 
sbs1 1 1 1000 -1000 0 3 1 1 0 64
1 0 
0 
scans 2 2 8 0 0 3 1 0 1 64
1 ""
0 
sc2 1 1 3 3 3 4 1 8195 1 64
1 8 
0 
scoutinfo 2 2 8 0 0 2 1 256 1 64
1 ""
0 
segt5 3 1 14 14 14 2 1 8192 1 64
1 0.0005 
0 
segstab 3 1 14 14 14 2 1 8192 1 64
1 0.0005 
0 
selpwA 6 1 1000000 0 0.025 2 1 0 1 64
1 3610 
0 
sf 1 1 8190 0 1e-07 4 1 3 1 64
1 0 
0 
selshapeB 2 2 8 0 0 2 1 0 1 64
1 "q3"
0 
selpwrB 1 1 63 -16 1 2 1 0 1 64
1 2 
0 
selpwrA 1 1 63 -16 1 2 1 0 1 64
1 10 
0 
selshapeA 2 2 8 0 0 2 1 0 1 64
1 "q3"
0 
seqfil 2 2 8 0 0 2 1 11 1 64
1 "qmd"
0 
sfrq 1 1 1000000000 0 0 2 1 11 1 64
1 125.6930212 
0 
sf1 1 1 9.99999984307e+17 -9.99999984307e+17 0 4 1 0 1 64
1 0 
0 
showarray 2 2 8 0 0 4 1 0 1 64
1 "vert"
0 
shims 2 2 8 0 0 2 1 0 1 64
1 "13022024-HCN"
0 
showcontent 2 2 8 0 0 4 1 0 1 64
1 "s"
0 
vtc 1 1 255 0 1 2 1 2 1 64
1 25 
0 
tof 5 1 7 7 7 2 4 8202 1 64
1 -5020.21110275 
0 
svfopt 4 2 4 0 0 2 1 0 1 64
1 "y"
0 
sreffrq 1 1 9.99999984307e+17 -9.99999984307e+17 0 2 1 0 1 64
1 125.686129768 
0 
sn 1 1 1e+18 -1e+18 0 3 1 1 1 64
1 0 
0 
shownumy 1 1 9.99999984307e+17 -9.99999984307e+17 0 4 1 0 1 64
1 0 
0 
shownumx 1 1 9.99999984307e+17 -9.99999984307e+17 0 4 1 0 1 64
1 0 
0 
shownumstyle 2 2 8 0 0 4 1 0 1 64
1 "auto"
0 
slpsat 4 2 4 0 0 2 1 0 1 64
1 "n"
0 
slpname 2 2 8 0 0 2 1 256 1 64
1 ""
0 
spin 1 1 39 0 1 2 1 0 1 64
1 0 
0 
sp 1 1 1000000000 -1000000000 0 4 1 3 1 64
1 6936.48360316 
0 
solvent 2 2 6 0 0 2 1 11 1 64
1 "c6d6"
0 
sp1 1 1 1000000000 -1000000000 0 4 1 3 1 64
1 649.999938965 
0 
srate 7 1 32767 0 1 2 1 1 1 64
1 25 
0 
strtlp 7 1 1000000 1 1 3 1 0 1 64
1 2 
0 
strtext 7 1 1000000 1 1 3 1 0 1 64
1 1 
0 
ss 7 1 32767 -32768 0 2 1 0 0 64
1 4 
0 
sspul 4 2 4 0 0 2 1 0 1 64
1 "n"
0 
strtext1 7 1 1000000 1 1 3 1 0 1 64
1 1 
0 
studyid_ 2 2 8 0 0 2 1 0 1 64
1 "tmpstudy"
0 
strtpar 2 2 8 0 0 2 1 0 1 64
1 "/home/vnmr1/vnmrsys/data/MIPT/QuantunComputing/HCN200/1H-p90"
0 
strtlp1 7 1 1000000 1 1 3 1 0 1 64
1 2 
0 
study 2 2 8 0 0 3 1 0 1 64
1 ""
0 
studystatus 2 2 8 0 0 2 1 0 1 64
1 ""
0 
studyowner 2 2 8 0 0 2 1 0 1 64
1 "vnmr1"
0 
time_saved 2 2 8 0 0 4 1 0 1 64
1 "20250926T195613"
0 
tempFTS 1 1 200 -150 0.1 2 1 1 1 64
1 25 
0 
t1 3 1 14 14 14 2 1 8192 1 64
1 0 
0 
sw 1 1 5 5 5 2 4 8203 1 64
1 502.815768302 
0 
svftmplt 2 2 8 0 0 2 1 0 1 64
1 "$pslabel$_"
0 
systemname_ 2 2 8 0 0 2 1 0 1 64
1 "VNMRS500-vnmrs500"
0 
t3 3 1 14 14 14 2 1 8192 1 64
1 0 
0 
t2 3 1 14 14 14 2 1 8192 1 64
1 0 
0 
temp 1 1 200 -150 0.1 2 1 8 0 64
1 8.8 
0 
time_exp 2 2 8 0 0 2 1 0 1 64
1 "1 min, 2 sec"
0 
th 1 1 1000000000 0 0 4 1 1 1 64
1 86.925677181 
0 
text_string 2 2 8 0 0 4 1 256 1 64
1 ""
0 
time_complete 2 2 8 0 0 4 1 0 1 64
1 "20250926T071924"
0 
time_processed 2 2 8 0 0 3 1 0 1 64
1 "20250926T195537"
0 
time_plotted 2 2 8 0 0 3 1 0 1 64
1 ""
0 
time_run 2 2 8 0 0 2 1 0 1 64
1 "20250926T023157"
0 
tn 2 2 4 0 0 2 1 8 1 64
1 "C13"
0 
tin 2 2 1 0 0 2 1 2 1 64
1 "n"
3 "n" "w" "y" 
time_submitted_local 2 2 8 0 0 2 1 0 1 64
1 "20250926T000811X12AMFriSep"
0 
time_submitted 2 2 8 0 0 2 1 0 1 64
1 "20250926T000811"
0 
time_svfdate 2 2 8 0 0 2 1 0 1 64
1 "20250926T000811"
0 
tlt 1 1 1000000000 -1000000000 0 4 1 1 1 64
1 0 
0 
tnbipshp 2 2 8 0 0 2 1 0 1 64
1 "bip60us"
0 
tnbippw 6 1 1000000 0 0.025 2 1 0 1 64
1 60 
0 
tnbippwr 1 1 17 17 17 2 1 8192 1 64
1 63 
0 
tnref 2 2 8 0 0 4 1 1 1 64
1 "Me4Si, 1% in CDCl3"
0 
tnshapes 2 2 8 0 0 2 1 256 1 64
3 ""
""
""
0 
vf 1 1 1000000000 0 0 4 1 3 1 64
1 2019440 
0 
userplotter 2 2 8 0 0 4 1 0 1 64
1 ""
0 
trace 2 2 2 0 0 4 1 3 1 64
1 "f1"
2 "f1" "f2" 
tpwr 1 1 17 17 17 2 1 8194 1 64
1 54 
0 
tofh2o 5 1 1000000000 -1000000000 0 2 1 0 1 64
1 0 
0 
tpwr_cf 1 1 9.99999984307e+17 -9.99999984307e+17 0 2 1 0 1 64
1 0.9573 
0 
user 2 2 9 0 0 2 1 1 1 64
1 " 1-14-87"
0 
tunemethod 2 2 8 0 0 2 1 0 1 64
1 "lohi-fine"
0 
username 2 2 8 0 0 2 1 0 1 64
1 ""
0 
vch4 2 2 8 0 0 2 1 8 1 64
1 "dn"
0 
vch2 2 2 8 0 0 2 1 8 1 64
1 "dn"
0 
vch1 2 2 8 0 0 2 1 8 1 64
1 "tn"
0 
vch3 2 2 8 0 0 2 1 8 1 64
1 "z"
0 
vch6 2 2 8 0 0 2 1 8 1 64
1 ""
0 
vch5 2 2 8 0 0 2 1 8 1 64
1 ""
0 
vchannelmap 2 2 8 0 0 2 1 256 1 64
4 "0"
"1"
"z"
"1"
0 
vpfi 1 1 500 -500 0 4 1 0 1 64
1 0 
0 
vo 1 1 500 -500 0 4 1 1 1 64
1 0 
0 
vjdialogarg 2 2 8 0 0 4 1 256 1 64
1 ""
0 
vjdialog 2 2 8 0 0 4 1 256 1 64
1 ""
0 
vloc_ 2 2 8 0 0 2 1 8 1 64
1 "0"
0 
vp 7 1 500 -500 0.1 4 1 3 1 64
1 72.2222790973 
0 
volume 1 1 9.99999984307e+17 -9.99999984307e+17 0 2 1 0 1 64
1 0 
0 
vpf 1 1 500 -500 0 4 1 0 1 64
1 6.00352112676 
0 
vs2d 1 1 1000000000 1e-06 0 4 1 3 1 64
1 4.45071601868 
0 
vrack_ 7 1 5 1 0 2 1 0 1 64
1 1 
0 
vproto_ 2 2 8 0 0 2 1 0 1 64
1 ""
0 
vs 1 1 1000000000 1e-06 0 4 1 3 1 64
1 2451.5 
0 
vsproj 1 1 1000000000 1e-06 0 4 1 3 1 64
1 4.45071601868 
0 
x2y2 7 1 19 19 19 2 1 8192 1 64
1 -32567 
0 
wf 1 1 8190 0 1e-07 4 1 3 1 64
1 0.994400000001 
0 
wetfrq 5 1 1000000000 -1000000000 0 2 1 256 0 64
1 0 
0 
wc2 1 1 4 4 4 4 1 8195 1 64
1 139 
0 
wbs 2 2 6 0 0 3 1 3 1 64
1 ""
0 
vtwait 3 1 14 14 14 2 1 8194 1 64
1 300 
0 
vzone_ 7 1 15 1 0 2 1 0 1 64
1 1 
0 
wc 1 1 2 2 2 4 1 8203 1 64
1 234 
0 
werr 2 2 6 0 0 3 1 3 1 64
1 ""
0 
wdone 2 2 8 0 0 3 1 0 1 64
1 ""
0 
wds 2 2 8 0 0 3 1 0 1 64
1 ""
0 
wet_cf 1 1 9.99999984307e+17 -9.99999984307e+17 0 2 1 0 1 64
1 1 
0 
wet 4 2 4 0 0 2 1 0 1 64
1 "n"
0 
wetfly 4 2 4 0 0 2 1 0 1 64
1 "n"
0 
wetpwr4 1 1 9.99999984307e+17 -9.99999984307e+17 0 2 1 0 1 64
1 0 
0 
wetpwr 1 1 9.99999984307e+17 -9.99999984307e+17 0 2 1 0 1 64
1 0 
0 
wetfrqw 1 1 9.99999984307e+17 -9.99999984307e+17 0 2 1 256 1 64
1 80 
0 
wetfrqs 2 2 8 0 0 2 1 256 1 64
1 "seduce"
0 
wetpeaks 7 1 10 0 1 2 1 0 0 64
1 0 
0 
wetpwr2 1 1 9.99999984307e+17 -9.99999984307e+17 0 2 1 0 1 64
1 0 
0 
wetpwr1 1 1 9.99999984307e+17 -9.99999984307e+17 0 2 1 0 1 64
1 0 
0 
wetpwr3 1 1 9.99999984307e+17 -9.99999984307e+17 0 2 1 0 1 64
1 0 
0 
wetshape2 2 2 8 0 0 2 1 0 1 64
1 "wetshp"
0 
wetshape 2 2 8 0 0 2 1 0 1 64
1 "wetshp"
0 
wetset 2 2 8 0 0 4 1 0 1 64
1 "set1"
0 
wetshape1 2 2 8 0 0 2 1 0 1 64
1 "wetshp"
0 
wetshape4 2 2 8 0 0 2 1 0 1 64
1 "wetshp"
0 
wetshape3 2 2 8 0 0 2 1 0 1 64
1 "wetshp"
0 
wexp 2 2 6 0 0 3 1 3 1 64
1 "process"
0 
wqinit 2 2 8 0 0 4 1 0 1 64
1 ""
0 
whenemail 2 2 8 0 0 2 1 0 1 64
1 "never"
0 
whatemail 2 2 8 0 0 2 1 0 1 64
1 "message"
0 
wf1 1 1 9.99999984307e+17 -9.99999984307e+17 0 4 1 0 1 64
1 1.89199995995 
0 
wp 1 1 5000000 0 0 4 1 11 1 64
1 40.5177318177 
0 
wnt 2 2 6 0 0 3 1 3 1 64
1 ""
0 
wp1 1 1 100000 0 0 4 1 3 1 64
1 62.5000114441 
0 
wtfile 2 2 15 0 0 3 1 1 1 64
1 ""
0 
wshim 4 2 4 0 0 2 1 1 1 64
1 "n"
15 "e" "f" "g" "n" "s" "0" "1" "2" "3" "4" "5" "6" "7" "8" "9" 
wrtp 2 2 8 0 0 3 1 0 1 64
1 ""
0 
wstart 2 2 8 0 0 3 1 0 1 64
1 ""
0 
wtune 4 2 4 0 0 2 1 0 1 64
1 "st12"
10 "s" "t" "e" "v" "i" "n" "1" "2" "3" "4" 
wtfile1 2 2 15 0 0 3 2 1 1 64
1 ""
0 
x1 7 1 19 19 19 2 1 8192 1 64
1 894 
0 
z3x3 7 1 19 19 19 2 1 8192 1 64
1 0 
0 
z2x2y2 7 1 19 19 19 2 1 8192 1 64
1 -27594 
0 
y4 7 1 19 19 19 2 1 8192 1 64
1 0 
0 
xz 7 1 19 19 19 2 1 8192 1 64
1 12229 
0 
x4 7 1 19 19 19 2 1 8192 1 64
1 0 
0 
x3 7 1 19 19 19 2 1 8192 1 64
1 10194 
0 
xy 7 1 19 19 19 2 1 8192 1 64
1 -3965 
0 
y1 7 1 19 19 19 2 1 8192 1 64
1 -1803 
0 
xz2 7 1 19 19 19 2 1 8192 1 64
1 11991 
0 
y3 7 1 19 19 19 2 1 8192 1 64
1 868 
0 
z1 7 1 19 19 19 2 1 8192 1 64
1 -5195 
0 
yz2 7 1 19 19 19 2 1 8192 1 64
1 1846 
0 
yz 7 1 19 19 19 2 1 8192 1 64
1 10246 
0 
z0_ 1 1 19 19 19 2 1 73744 1 64
1 -12319 
0 
z2 7 1 19 19 19 2 1 8192 1 64
1 2155 
0 
z1c 7 1 19 19 19 2 1 8192 1 64
1 -1044 
0 
z2c 7 1 19 19 19 2 1 8192 1 64
1 196 
0 
z3 7 1 19 19 19 2 1 8192 1 64
1 -11362 
0 
z2xy 7 1 19 19 19 2 1 8192 1 64
1 -541 
0 
z2x3 7 1 19 19 19 2 1 8192 1 64
1 0 
0 
z2y3 7 1 19 19 19 2 1 8192 1 64
1 0 
0 
z3x 7 1 19 19 19 2 1 8192 1 64
1 18459 
0 
z3c 7 1 19 19 19 2 1 8192 1 64
1 0 
0 
z3x2y2 7 1 19 19 19 2 1 8192 1 64
1 0 
0 
z4xy 7 1 19 19 19 2 1 8192 1 64
1 0 
0 
z4 7 1 19 19 19 2 1 8192 1 64
1 -22647 
0 
z3y 7 1 19 19 19 2 1 8192 1 64
1 154 
0 
z3xy 7 1 19 19 19 2 1 8192 1 64
1 0 
0 
z3y3 7 1 19 19 19 2 1 8192 1 64
1 0 
0 
z4x 7 1 19 19 19 2 1 8192 1 64
1 -2512 
0 
z4c 7 1 19 19 19 2 1 8192 1 64
1 0 
0 
z4x2y2 7 1 19 19 19 2 1 8192 1 64
1 0 
0 
z7 7 1 19 19 19 2 1 8192 1 64
1 1782 
0 
z5y 7 1 19 19 19 2 1 8192 1 64
1 0 
0 
z5 7 1 19 19 19 2 1 8192 1 64
1 18636 
0 
z4y 7 1 19 19 19 2 1 8192 1 64
1 10931 
0 
z5x 7 1 19 19 19 2 1 8192 1 64
1 0 
0 
z6 7 1 19 19 19 2 1 8192 1 64
1 967 
0 
zx2y2 7 1 19 19 19 2 1 8192 1 64
1 -3960 
0 
zoom 7 1 32767 0 0 4 1 0 1 64
1 0 
0 
z8 7 1 19 19 19 2 1 8192 1 64
1 0 
0 
zxy 7 1 19 19 19 2 1 8192 1 64
1 24340 
0 
zx3 7 1 19 19 19 2 1 8192 1 64
1 5006 
0 
zy3 7 1 19 19 19 2 1 8192 1 64
1 19800 
0 
